GIT
  remote: https://github.com/mhs/staticmatic2.git
  revision: 67c993144fb84a56303f62298bd4d53b9c320ed7
  ref: 67c993144fb84a56303f62298bd4d53b9c320ed7
  specs:
    staticmatic2 (2.1.5)
      aws-s3
      compass (~> 0.12.1)
      haml (~> 3.1)
      rack (>= 1.0)
      sass (~> 3.1)
      thor (>= 0.14.6)
      tilt (>= 1.3)

GEM
  remote: http://rubygems.org/
  specs:
    addressable (2.3.2)
    aws-s3 (0.6.3)
      builder
      mime-types
      xml-simple
    builder (3.1.3)
    chunky_png (1.2.6)
    coderay (1.0.7)
    compass (0.12.2)
      chunky_png (~> 1.2)
      fssm (>= 0.2.7)
      sass (~> 3.1)
    compass-960-plugin (0.10.4)
      compass (>= 0.10.0)
    fssm (0.2.9)
    haml (3.1.7)
    launchy (2.1.2)
      addressable (~> 2.3)
    method_source (0.8)
    mime-types (1.19)
    pry (0.9.10)
      coderay (~> 1.0.5)
      method_source (~> 0.8)
      slop (~> 3.3.1)
    rack (1.4.1)
    rake (0.9.2.2)
    sass (3.2.1)
    slop (3.3.3)
    term-ansicolor (1.0.7)
    thor (0.16.0)
    tilt (1.3.3)
    xml-simple (1.1.1)
    yui-compass-plugin (0.3)
      compass (>= 0.10.0)

PLATFORMS
  ruby

DEPENDENCIES
  compass (= 0.12.2)
  compass-960-plugin (= 0.10.4)
  launchy (~> 2.0)
  pry
  rake (~> 0.9)
  sass (= 3.2.1)
  staticmatic2 (~> 2.1)!
  term-ansicolor (~> 1.0)
  yui-compass-plugin
